PATH
  remote: .
  specs:
    webrobots (0.0.13)

GEM
  remote: http://rubygems.org/
  specs:
    activesupport (3.2.12)
      i18n (~> 0.6)
      multi_json (~> 1.0)
    bourne (1.1.2)
      mocha (= 0.10.5)
    i18n (0.6.1)
    json (1.7.7)
    metaclass (0.0.1)
    mocha (0.10.5)
      metaclass (~> 0.0.1)
    multi_json (1.6.0)
    nokogiri (1.5.6)
    racc (1.4.9)
    rdoc (3.12.1)
      json (~> 1.4)
    shoulda (3.3.2)
      shoulda-context (~> 1.0.1)
      shoulda-matchers (~> 1.4.1)
    shoulda-context (1.0.2)
    shoulda-matchers (1.4.2)
      activesupport (>= 3.0.0)
      bourne (~> 1.1.2)

PLATFORMS
  ruby

DEPENDENCIES
  bundler (>= 1.2)
  nokogiri (>= 1.4.4)
  racc
  rdoc (> 2.4.2)
  shoulda
  webrobots!
